GEM
  remote: https://rubygems.org/
  specs:
    addressable (2.2.6)
    bson (1.8.5)
    bson_ext (1.8.5)
      bson (~> 1.8.5)
    faraday (0.8.7)
      multipart-post (~> 1.1)
    faraday_middleware (0.9.0)
      faraday (>= 0.7.4, < 0.9)
    foreman (0.24.0)
      term-ansicolor (~> 1.0.5)
      thor (>= 0.13.6)
    foursquare2 (1.9.6)
      faraday (~> 0.8)
      faraday_middleware (>= 0.8)
      hashie (~> 1.0)
    hashie (1.2.0)
    heroku (2.17.0)
      launchy (>= 0.3.2)
      rest-client (~> 1.6.1)
      rubyzip
      term-ansicolor (~> 1.0.5)
    httparty (0.11.0)
      multi_json (~> 1.0)
      multi_xml (>= 0.5.2)
    json (1.7.7)
    launchy (2.0.5)
      addressable (~> 2.2.6)
    mime-types (1.17.2)
    mongo (1.8.5)
      bson (~> 1.8.5)
    multi_json (1.7.2)
    multi_xml (0.5.3)
    multipart-post (1.2.0)
    rack (1.4.0)
    rack-protection (1.2.0)
      rack
    rest-client (1.6.7)
      mime-types (>= 1.16)
    rubyzip (0.9.4)
    sinatra (1.3.2)
      rack (~> 1.3, >= 1.3.6)
      rack-protection (~> 1.2)
      tilt (~> 1.3, >= 1.3.3)
    term-ansicolor (1.0.7)
    thor (0.14.6)
    tilt (1.3.3)

PLATFORMS
  ruby

DEPENDENCIES
  bson
  bson_ext
  foreman
  foursquare2
  heroku
  httparty
  json
  mongo
  sinatra
